PATH
  remote: .
  specs:
    ddsl (0.0.5)
      clamp (~> 1)
      json (~> 2)
      json_schemer (~> 0.1)
      transproc (~> 1)

GEM
  remote: https://rubygems.org/
  specs:
    ast (2.4.0)
    clamp (1.3.0)
    diff-lcs (1.3)
    docile (1.3.1)
    ecma-re-validator (0.2.0)
      regexp_parser (~> 1.2)
    hana (1.3.4)
    jaro_winkler (1.5.1)
    json (2.1.0)
    json_schemer (0.1.9)
      ecma-re-validator (~> 0.2.0)
      hana (~> 1.3.3)
      regexp_parser (~> 1.2.0)
      uri_template (~> 0.7.0)
    parallel (1.12.1)
    parser (2.5.3.0)
      ast (~> 2.4.0)
    powerpack (0.1.2)
    rainbow (3.0.0)
    regexp_parser (1.2.0)
    rspec (3.8.0)
      rspec-core (~> 3.8.0)
      rspec-expectations (~> 3.8.0)
      rspec-mocks (~> 3.8.0)
    rspec-core (3.8.0)
      rspec-support (~> 3.8.0)
    rspec-expectations (3.8.2)
      diff-lcs (>= 1.2.0, < 2.0)
      rspec-support (~> 3.8.0)
    rspec-mocks (3.8.0)
      diff-lcs (>= 1.2.0, < 2.0)
      rspec-support (~> 3.8.0)
    rspec-support (3.8.0)
    rubocop (0.60.0)
      jaro_winkler (~> 1.5.1)
      parallel (~> 1.10)
      parser (>= 2.5, != 2.5.1.1)
      powerpack (~> 0.1)
      rainbow (>= 2.2.2, < 4.0)
      ruby-progressbar (~> 1.7)
      unicode-display_width (~> 1.4.0)
    ruby-progressbar (1.10.0)
    simplecov (0.16.1)
      docile (~> 1.1)
      json (>= 1.8, < 3)
      simplecov-html (~> 0.10.0)
    simplecov-html (0.10.2)
    transproc (1.0.3)
    unicode-display_width (1.4.0)
    uri_template (0.7.0)

PLATFORMS
  ruby

DEPENDENCIES
  ddsl!
  rspec (~> 3)
  rubocop (~> 0.60)
  simplecov (~> 0.16)

BUNDLED WITH
   1.17.1
